GEM
  remote: https://rubygems.org/
  specs:
    coderay (1.1.2)
    method_source (0.9.2)
    mini_portile2 (2.4.0)
    nokogiri (1.10.3)
      mini_portile2 (~> 2.4.0)
    pry (0.12.2)
      coderay (~> 1.1.0)
      method_source (~> 0.9.0)
    require_relative (1.0.3)

PLATFORMS
  ruby

DEPENDENCIES
  nokogiri
  pry
  require_relative

BUNDLED WITH
   2.0.1
